GEM
  remote: https://rubygems.org/
  specs:
    coffee-script (2.2.0)
      coffee-script-source
      execjs
    coffee-script-source (1.7.0)
    execjs (2.0.2)
    hike (1.2.3)
    json (1.8.1)
    multi_json (1.9.2)
    rack (1.5.2)
    rb-fsevent (0.9.4)
    sass (3.3.4)
    sprockets (2.12.0)
      hike (~> 1.2)
      multi_json (~> 1.0)
      rack (~> 1.0)
      tilt (~> 1.1, != 1.3.0)
    tilt (1.4.1)
    uglifier (2.5.0)
      execjs (>= 0.3.0)
      json (>= 1.8.0)

PLATFORMS
  ruby

DEPENDENCIES
  coffee-script (~> 2.2.0)
  rack (~> 1.5.2)
  rb-fsevent (~> 0.9.4)
  sass (~> 3.3.4)
  sprockets (~> 2.12.0)
  uglifier (~> 2.5.0)
